GEM
  remote: http://rubygems.org/
  specs:
    hashie (3.3.1)

PLATFORMS
  ruby

DEPENDENCIES
  hashie
